GEM
  remote: https://rubygems.org/
  specs:
    bcrypt (3.1.11)
    erubi (1.7.0)
    pg (0.21.0)
    rack (2.0.3)
    rack-protection (1.5.3)
      rack
    rack_csrf (2.5.0)
      rack (>= 1.1.0)
    roda (3.2.0)
      rack
    sequel (5.2.0)
    tilt (2.0.8)

PLATFORMS
  ruby

DEPENDENCIES
  bcrypt
  erubi
  pg
  rack-protection (~> 1.5.3)
  rack_csrf (~> 2.5.0)
  roda
  sequel
  tilt

BUNDLED WITH
   1.16.0
